PATH
  remote: .
  specs:
    celluloid_inter_process_notification (0.0.1)
      celluloid
      celluloid-zmq

GEM
  remote: https://rubygems.org/
  specs:
    celluloid (0.13.0)
      timers (>= 1.0.0)
    celluloid-io (0.13.1)
      celluloid (>= 0.13.0)
      nio4r (>= 0.4.0)
    celluloid-zmq (0.13.0)
      celluloid (>= 0.13.0)
      celluloid-io (>= 0.13.0)
      ffi
      ffi-rzmq
    diff-lcs (1.2.4)
    ffi (1.8.1)
    ffi-rzmq (1.0.1)
      ffi
    nio4r (0.4.3)
    rspec (2.13.0)
      rspec-core (~> 2.13.0)
      rspec-expectations (~> 2.13.0)
      rspec-mocks (~> 2.13.0)
    rspec-core (2.13.1)
    rspec-expectations (2.13.0)
      diff-lcs (>= 1.1.3, < 2.0)
    rspec-mocks (2.13.1)
    timers (1.1.0)

PLATFORMS
  ruby

DEPENDENCIES
  celluloid_inter_process_notification!
  rspec
